GEM
  remote: https://rubygems.org/
  specs:
    activesupport (7.1.2)
      base64
      bigdecimal
      concurrent-ruby (~> 1.0, >= 1.0.2)
      connection_pool (>= 2.2.5)
      drb
      i18n (>= 1.6, < 2)
      minitest (>= 5.1)
      mutex_m
      tzinfo (~> 2.0)
    addressable (2.8.5)
      public_suffix (>= 2.0.2, < 6.0)
    base64 (0.2.0)
    bigdecimal (3.1.4)
    concurrent-ruby (1.2.2)
    connection_pool (2.4.1)
    dotenv (2.8.1)
    drb (2.2.0)
      ruby2_keywords
    faraday (2.7.11)
      base64
      faraday-net_http (>= 2.0, < 3.1)
      ruby2_keywords (>= 0.0.4)
    faraday-net_http (3.0.2)
    faraday-retry (2.2.0)
      faraday (~> 2.0)
    i18n (1.14.1)
      concurrent-ruby (~> 1.0)
    minitest (5.20.0)
    mutex_m (0.2.0)
    octokit (6.1.1)
      faraday (>= 1, < 3)
      sawyer (~> 0.9)
    public_suffix (5.0.3)
    ruby2_keywords (0.0.5)
    sawyer (0.9.2)
      addressable (>= 2.3.5)
      faraday (>= 0.17.3, < 3)
    tzinfo (2.0.6)
      concurrent-ruby (~> 1.0)

PLATFORMS
  arm64-darwin-21
  arm64-darwin-23

DEPENDENCIES
  activesupport (~> 7.1)
  dotenv (~> 2.8)
  faraday-retry (~> 2.2)
  octokit (~> 6.0)

BUNDLED WITH
   2.3.13
